GIT
  remote: git://github.com/Jerskouille/htmlentities.git
  revision: cc049b3bee56f5f8c3a9cd39afbab4841e63ba50
  specs:
    htmlentities (4.3.3)

GEM
  remote: https://rubygems.org/
  specs:
    algoliasearch (1.4.2)
      httpclient (~> 2.4)
      json (>= 1.5.1)
    faraday (0.9.1)
      multipart-post (>= 1.2, < 3)
    hashie (3.4.0)
    httpclient (2.6.0.1)
    inflection (1.0.0)
    json (1.8.2)
    mime-types (2.4.3)
    multi_json (1.11.0)
    multipart-post (2.0.0)
    zendesk_api (1.6.0)
      faraday (~> 0.9)
      hashie (>= 1.2, < 4.0)
      inflection
      mime-types
      multi_json
      multipart-post (~> 2.0)

PLATFORMS
  ruby

DEPENDENCIES
  algoliasearch
  htmlentities!
  zendesk_api
