GEM
  remote: https://rubygems.org/
  specs:
    algoliasearch (1.4.0)
      httpclient (~> 2.4)
      json (>= 1.5.1)
    coderay (1.1.0)
    faraday (0.9.1)
      multipart-post (>= 1.2, < 3)
    haml (4.0.6)
      tilt
    hashie (3.4.0)
    httpclient (2.6.0.1)
    inflection (1.0.0)
    json (1.8.2)
    method_source (0.8.2)
    mime-types (2.4.3)
    multi_json (1.11.0)
    multipart-post (2.0.0)
    omniauth (1.2.2)
      hashie (>= 1.2, < 4)
      rack (~> 1.0)
    omniauth-zendesk (0.1.3)
      omniauth (> 1.0)
      zendesk_api (> 0.2.2)
    parallel (1.4.1)
    pry (0.10.1)
      coderay (~> 1.1.0)
      method_source (~> 0.8.1)
      slop (~> 3.4)
    rack (1.6.0)
    rack-protection (1.5.3)
      rack
    sinatra (1.4.5)
      rack (~> 1.4)
      rack-protection (~> 1.4)
      tilt (~> 1.3, >= 1.3.4)
    slop (3.6.0)
    tilt (1.4.1)
    zendesk_api (1.6.0)
      faraday (~> 0.9)
      hashie (>= 1.2, < 4.0)
      inflection
      mime-types
      multi_json
      multipart-post (~> 2.0)

PLATFORMS
  ruby

DEPENDENCIES
  algoliasearch
  haml
  omniauth
  omniauth-zendesk
  parallel
  pry
  sinatra
  zendesk_api
